PATH
  remote: .
  specs:
    xbmc-client (0.1.0)
      activesupport (>= 3.0.0)
      httparty (>= 0.6.0)
      i18n
      json (>= 1.4.5)

GEM
  remote: http://rubygems.org/
  specs:
    activesupport (3.0.3)
    crack (0.1.8)
    httparty (0.6.1)
      crack (= 0.1.8)
    i18n (0.4.2)
    json (1.4.6)
    shoulda (2.10.3)

PLATFORMS
  ruby

DEPENDENCIES
  activesupport (>= 3.0.0)
  httparty (>= 0.6.0)
  i18n
  json (>= 1.4.5)
  shoulda (= 2.10.3)
  xbmc-client!
